GIT
  remote: git://github.com/wpeterson/emoji.git
  revision: 100033b6ae84518ece1513167984cf1c2952f370
  specs:
    emoji (1.0.7)
      json

GEM
  remote: https://rubygems.org/
  specs:
    json (2.0.2)

PLATFORMS
  ruby

DEPENDENCIES
  emoji!

BUNDLED WITH
   1.12.5
